PATH
  remote: .
  specs:
    steam_donkey (0.0.1)
      aws-sdk (~> 2.6)
      chronic (~> 0.10)
      command_line_reporter (~> 3.0)
      gli (= 2.14.0)
      to_regexp (~> 0.2.1)

GEM
  remote: https://rubygems.org/
  specs:
    aruba (0.14.2)
      childprocess (~> 0.5.6)
      contracts (~> 0.9)
      cucumber (>= 1.3.19)
      ffi (~> 1.9.10)
      rspec-expectations (>= 2.99)
      thor (~> 0.19)
    aws-sdk (2.6.44)
      aws-sdk-resources (= 2.6.44)
    aws-sdk-core (2.6.44)
      aws-sigv4 (~> 1.0)
      jmespath (~> 1.0)
    aws-sdk-resources (2.6.44)
      aws-sdk-core (= 2.6.44)
    aws-sigv4 (1.0.0)
    builder (3.2.2)
    childprocess (0.5.9)
      ffi (~> 1.0, >= 1.0.11)
    chronic (0.10.2)
    colored (1.2)
    command_line_reporter (3.3.6)
      colored (>= 1.2)
    contracts (0.14.0)
    cucumber (2.4.0)
      builder (>= 2.1.2)
      cucumber-core (~> 1.5.0)
      cucumber-wire (~> 0.0.1)
      diff-lcs (>= 1.1.3)
      gherkin (~> 4.0)
      multi_json (>= 1.7.5, < 2.0)
      multi_test (>= 0.1.2)
    cucumber-core (1.5.0)
      gherkin (~> 4.0)
    cucumber-wire (0.0.1)
    diff-lcs (1.2.5)
    ffi (1.9.14)
    gherkin (4.0.0)
    gli (2.14.0)
    jmespath (1.3.1)
    multi_json (1.12.1)
    multi_test (0.1.2)
    rake (12.0.0)
    rdoc (5.0.0)
    rspec-expectations (3.5.0)
      diff-lcs (>= 1.2.0, < 2.0)
      rspec-support (~> 3.5.0)
    rspec-support (3.5.0)
    thor (0.19.4)
    to_regexp (0.2.1)

PLATFORMS
  ruby

DEPENDENCIES
  aruba
  rake
  rdoc
  steam_donkey!

BUNDLED WITH
   1.13.7
